GEM
  remote: https://rubygems.org/
  specs:
    byebug (11.1.3)
    mini_portile2 (2.4.0)
    nokogiri (1.10.10)
      mini_portile2 (~> 2.4.0)
    open-uri (0.1.0)

PLATFORMS
  x86_64-linux

DEPENDENCIES
  byebug
  nokogiri
  open-uri

BUNDLED WITH
   2.2.3
